PATH
  remote: .
  specs:
    structured_report (1.0.7)
      writeexcel

GEM
  remote: https://rubygems.org/
  specs:
    diff-lcs (1.2.5)
    rspec (2.14.1)
      rspec-core (~> 2.14.0)
      rspec-expectations (~> 2.14.0)
      rspec-mocks (~> 2.14.0)
    rspec-core (2.14.8)
    rspec-expectations (2.14.5)
      diff-lcs (>= 1.1.3, < 2.0)
    rspec-mocks (2.14.6)
    writeexcel (1.0.4)

PLATFORMS
  ruby

DEPENDENCIES
  rspec
  structured_report!
  writeexcel
